GEM
  remote: https://rubygems.org/
  specs:
    amq-protocol (2.3.0)
    awesome_print (1.8.0)
    bunny (2.14.2)
      amq-protocol (~> 2.3, >= 2.3.0)
    byebug (11.0.1)
    concurrent-ruby (1.1.5)
    dotenv (2.7.4)
    mail (2.7.1)
      mini_mime (>= 0.1.1)
    mini_mime (1.0.2)
    rake (12.3.2)
    serverengine (2.0.7)
      sigdump (~> 0.2.2)
    sigdump (0.2.4)
    sneakers (2.11.0)
      bunny (~> 2.12)
      concurrent-ruby (~> 1.0)
      rake
      serverengine (~> 2.0.5)
      thor
    thor (0.20.3)

PLATFORMS
  ruby

DEPENDENCIES
  awesome_print
  bunny
  byebug
  dotenv
  mail
  sneakers

BUNDLED WITH
   1.16.3
